GEM
  remote: https://rubygems.org/
  specs:
    concurrent-ruby (1.1.9)
    coveralls (0.7.2)
      multi_json (~> 1.3)
      rest-client (= 1.6.7)
      simplecov (>= 0.7)
      term-ansicolor (= 1.2.2)
      thor (= 0.18.1)
    deep_merge (1.2.1)
    diff-lcs (1.2.5)
    facter (2.5.7)
    facterdb (0.3.0)
      facter
      jgrep
      json
    fast_gettext (1.8.0)
    hiera (3.7.0)
    hocon (1.3.1)
    httpclient (2.8.3)
    jgrep (1.3.3)
      json
    json (1.8.3)
    locale (2.1.3)
    metaclass (0.0.4)
    metadata-json-lint (0.0.11)
      json
      spdx-licenses (~> 1.0)
    mime-types (2.6.2)
    mocha (1.1.0)
      metaclass (~> 0.0.1)
    multi_json (1.11.2)
    puppet (6.25.1)
      concurrent-ruby (~> 1.0)
      deep_merge (~> 1.0)
      facter (> 2.0.1, < 5)
      fast_gettext (~> 1.1)
      hiera (>= 3.2.1, < 4)
      httpclient (~> 2.8)
      locale (~> 2.1)
      multi_json (~> 1.10)
      puppet-resource_api (~> 1.5)
      semantic_puppet (~> 1.0)
    puppet-lint (1.1.0)
    puppet-lint-absolute_classname-check (0.1.3)
      puppet-lint (~> 1.0)
    puppet-lint-empty_string-check (0.2.1)
      puppet-lint (~> 1.0)
    puppet-lint-file_ensure-check (0.2.1)
      puppet-lint (~> 1.0)
    puppet-lint-leading_zero-check (0.1.0)
      puppet-lint (~> 1.0)
    puppet-lint-spaceship_operator_without_tag-check (0.1.0)
      puppet-lint (~> 1.0)
    puppet-lint-trailing_comma-check (0.3.1)
      puppet-lint (~> 1.0)
    puppet-lint-undef_in_function-check (0.1.0)
      puppet-lint (~> 1.0)
    puppet-lint-unquoted_string-check (0.2.5)
      puppet-lint (~> 1.0)
    puppet-lint-variable_contains_upcase (1.0.0)
      puppet-lint (~> 1.0)
    puppet-lint-version_comparison-check (0.1.2)
      puppet-lint (~> 1.0)
    puppet-resource_api (1.8.14)
      hocon (>= 1.0)
    puppet-syntax (2.0.0)
      rake
    puppetlabs_spec_helper (1.0.1)
      mocha
      puppet-lint
      puppet-syntax
      rake
      rspec-puppet
    rake (10.4.2)
    redcarpet (2.3.0)
    rest-client (1.6.7)
      mime-types (>= 1.16)
    rspec (3.4.0)
      rspec-core (~> 3.4.0)
      rspec-expectations (~> 3.4.0)
      rspec-mocks (~> 3.4.0)
    rspec-core (3.4.0)
      rspec-support (~> 3.4.0)
    rspec-expectations (3.4.0)
      diff-lcs (>= 1.2.0, < 2.0)
      rspec-support (~> 3.4.0)
    rspec-mocks (3.4.0)
      diff-lcs (>= 1.2.0, < 2.0)
      rspec-support (~> 3.4.0)
    rspec-puppet (2.2.0)
      rspec
    rspec-puppet-facts (1.3.0)
      facter
      facterdb (>= 0.3.0)
      json
      puppet
    rspec-support (3.4.0)
    ruby-augeas (0.5.0)
    semantic_puppet (1.0.4)
    simplecov (0.7.1)
      multi_json (~> 1.0)
      simplecov-html (~> 0.7.1)
    simplecov-html (0.7.1)
    spdx-licenses (1.0.0)
      json
    term-ansicolor (1.2.2)
      tins (~> 0.8)
    thor (0.18.1)
    tins (0.13.2)
    yard (0.8.7.6)

PLATFORMS
  ruby

DEPENDENCIES
  coveralls
  metadata-json-lint
  puppet (>= 2.7)
  puppet-lint
  puppet-lint-absolute_classname-check
  puppet-lint-empty_string-check
  puppet-lint-file_ensure-check
  puppet-lint-leading_zero-check
  puppet-lint-spaceship_operator_without_tag-check
  puppet-lint-trailing_comma-check
  puppet-lint-undef_in_function-check
  puppet-lint-unquoted_string-check
  puppet-lint-variable_contains_upcase
  puppet-lint-version_comparison-check
  puppetlabs_spec_helper
  rake
  redcarpet (~> 2.0)
  rspec-puppet
  rspec-puppet-facts
  ruby-augeas (~> 0.3)
  simplecov (~> 0.7.0)
  yard

BUNDLED WITH
   1.10.6
